NRRD0001
# Department of Radiology, University of Iowa http://radiology.uiowa.edu/downloads 
content: CT-Chest.raw 
dimension: 3
type: uchar
sizes: 384 384 240
spacings: 1 1 1
endian: little
data file: ./CT-Chest.raw
encoding: raw
